GEM
  remote: https://rubygems.org/
  specs:
    hashdiff (0.2.2)
    mini_portile (0.6.2)
    nokogiri (1.6.6.2)
      mini_portile (~> 0.6.0)

PLATFORMS
  ruby

DEPENDENCIES
  hashdiff
  nokogiri

BUNDLED WITH
   1.10.6
